GEM
  remote: https://ruby.taobao.org/
  specs:
    activesupport (4.2.4)
      i18n (~> 0.7)
      json (~> 1.7, >= 1.7.7)
      minitest (~> 5.1)
      thread_safe (~> 0.3, >= 0.3.4)
      tzinfo (~> 1.1)
    claide (1.0.0)
    colored (1.2)
    colorize (0.8.1)
    i18n (0.7.0)
    json (1.8.3)
    minitest (5.8.0)
    thread_safe (0.3.5)
    tzinfo (1.2.2)
      thread_safe (~> 0.1)
    xcodeproj (1.2.0)
      activesupport (>= 3)
      claide (>= 1.0.0, < 2.0)
      colored (~> 1.2)

PLATFORMS
  ruby

DEPENDENCIES
  colorize (= 0.8.1)
  xcodeproj (= 1.2.0)

BUNDLED WITH
   1.12.5
